GEM
  remote: https://rubygems.org/
  specs:
    actionpack (3.2.8)
      activemodel (= 3.2.8)
      activesupport (= 3.2.8)
      builder (~> 3.0.0)
      erubis (~> 2.7.0)
      journey (~> 1.0.4)
      rack (~> 1.4.0)
      rack-cache (~> 1.2)
      rack-test (~> 0.6.1)
      sprockets (~> 2.1.3)
    activemodel (3.2.8)
      activesupport (= 3.2.8)
      builder (~> 3.0.0)
    activerecord (3.2.8)
      activemodel (= 3.2.8)
      activesupport (= 3.2.8)
      arel (~> 3.0.2)
      tzinfo (~> 0.3.29)
    activerecord-jdbc-adapter (1.2.2.1)
    activerecord-jdbcsqlite3-adapter (1.2.2.1)
      activerecord-jdbc-adapter (~> 1.2.2.1)
      jdbc-sqlite3 (~> 3.7.2)
    activerecord-postgresql-adapter (0.0.1)
      pg
    activesupport (3.2.8)
      i18n (~> 0.6)
      multi_json (~> 1.0)
    arel (3.0.2)
    awesome_print (1.1.0)
    builder (3.0.4)
    cinch (2.0.3)
    erubis (2.7.0)
    googl (0.6.1)
      httparty (~> 0.8.3)
      json (>= 1.4.6)
    hike (1.2.1)
    hpricot (0.8.6)
    htmlentities (4.3.1)
    httparty (0.8.3)
      multi_json (~> 1.0)
      multi_xml
    i18n (0.6.1)
    jdbc-sqlite3 (3.7.2)
    journey (1.0.4)
    json (1.7.5)
    mime-types (1.19)
    money (5.0.0)
      i18n (~> 0.4)
      json
    multi_json (1.3.6)
    multi_xml (0.5.1)
    oauth (0.4.7)
    pg (0.14.1)
    rack (1.4.1)
    rack-cache (1.2)
      rack (>= 0.4)
    rack-test (0.6.2)
      rack (>= 1.0)
    rest-client (1.6.7)
      mime-types (>= 1.16)
    rufus-scheduler (2.0.17)
      tzinfo (>= 0.3.23)
    simple-rss (1.2.3)
    sprockets (2.1.3)
      hike (~> 1.2)
      rack (~> 1.0)
      tilt (~> 1.1, != 1.3.0)
    sqlite3 (1.3.6)
    stock_quote (1.0.2)
      hpricot
      rest-client
    terminal-table (1.4.5)
    tilt (1.3.3)
    tzinfo (0.3.34)

PLATFORMS
  ruby

DEPENDENCIES
  actionpack
  activerecord
  activerecord-jdbcsqlite3-adapter
  activerecord-postgresql-adapter
  awesome_print
  cinch
  googl
  htmlentities
  money
  oauth
  rufus-scheduler
  simple-rss
  sqlite3
  stock_quote
  terminal-table
